PATH
  remote: .
  specs:
    easy_sheet_io (0.3.0)
      daru (>= 0.3)
      rake (~> 13.0)
      roo-xls (>= 1.2.0)
      rover-df (>= 0.2.7)
      rspec (~> 3.0)
      rubocop (~> 0.80)
      smarter_csv (>= 1.4.2)
      spreadsheet (>= 1.3.0)

GEM
  remote: https://rubygems.org/
  specs:
    ast (2.4.2)
    backports (3.23.0)
    daru (0.3)
      packable (~> 1.3.13)
    diff-lcs (1.5.0)
    nokogiri (1.13.3-x64-mingw32)
      racc (~> 1.4)
    nokogiri (1.13.3-x86_64-linux)
      racc (~> 1.4)
    numo-narray (0.9.2.0)
    packable (1.3.15)
      backports
    parallel (1.21.0)
    parser (3.1.1.0)
      ast (~> 2.4.1)
    racc (1.6.0)
    rainbow (3.1.1)
    rake (13.0.6)
    regexp_parser (2.2.1)
    rexml (3.2.5)
    roo (2.8.3)
      nokogiri (~> 1)
      rubyzip (>= 1.3.0, < 3.0.0)
    roo-xls (1.2.0)
      nokogiri
      roo (>= 2.0.0, < 3)
      spreadsheet (> 0.9.0)
    rover-df (0.2.7)
      numo-narray (>= 0.9.1.9)
    rspec (3.11.0)
      rspec-core (~> 3.11.0)
      rspec-expectations (~> 3.11.0)
      rspec-mocks (~> 3.11.0)
    rspec-core (3.11.0)
      rspec-support (~> 3.11.0)
    rspec-expectations (3.11.0)
      diff-lcs (>= 1.2.0, < 2.0)
      rspec-support (~> 3.11.0)
    rspec-mocks (3.11.0)
      diff-lcs (>= 1.2.0, < 2.0)
      rspec-support (~> 3.11.0)
    rspec-support (3.11.0)
    rubocop (0.93.1)
      parallel (~> 1.10)
      parser (>= 2.7.1.5)
      rainbow (>= 2.2.2, < 4.0)
      regexp_parser (>= 1.8)
      rexml
      rubocop-ast (>= 0.6.0)
      ruby-progressbar (~> 1.7)
      unicode-display_width (>= 1.4.0, < 2.0)
    rubocop-ast (1.16.0)
      parser (>= 3.1.1.0)
    ruby-ole (1.2.12.2)
    ruby-progressbar (1.11.0)
    rubyzip (2.3.2)
    smarter_csv (1.4.2)
    spreadsheet (1.3.0)
      ruby-ole
    unicode-display_width (1.8.0)

PLATFORMS
  x64-mingw32
  x86_64-linux

DEPENDENCIES
  ast
  daru
  easy_sheet_io!
  rake (~> 13.0)
  roo-xls
  rover-df
  rspec (~> 3.0)
  rubocop (~> 0.80)
  smarter_csv
  spreadsheet

BUNDLED WITH
   2.2.3
